GEM
  remote: https://rubygems.org/
  specs:
    activesupport (4.0.2)
      i18n (~> 0.6, >= 0.6.4)
      minitest (~> 4.2)
      multi_json (~> 1.3)
      thread_safe (~> 0.1)
      tzinfo (~> 0.3.37)
    activesupport-inflector (0.1.0)
    atomic (1.1.14)
    aws-sdk (1.21.0)
      json (~> 1.4)
      nokogiri (>= 1.4.4, < 1.6.0)
      uuidtools (~> 2.1)
    i18n (0.6.9)
    json (1.8.0)
    minitest (4.7.5)
    multi_json (1.8.4)
    nokogiri (1.5.10)
    rugged (0.19.0)
    thread_safe (0.1.3)
      atomic
    tzinfo (0.3.38)
    uuidtools (2.1.4)

PLATFORMS
  ruby

DEPENDENCIES
  activesupport
  activesupport-inflector
  aws-sdk
  json
  rugged
