GEM
  remote: https://rubygems.org/
  specs:
    awesome_print (1.2.0)
    aws-sdk (1.21.0)
      json (~> 1.4)
      nokogiri (>= 1.4.4, < 1.6.0)
      uuidtools (~> 2.1)
    json (1.8.0)
    nokogiri (1.5.10)
    rugged (0.19.0)
    uuidtools (2.1.4)

PLATFORMS
  ruby

DEPENDENCIES
  awesome_print
  aws-sdk
  json
  rugged
